GEM
  remote: https://rubygems.org/
  specs:
    io-console (0.7.2)

PLATFORMS
  ruby

DEPENDENCIES
  io-console

BUNDLED WITH
   1.17.2
