GEM
  remote: https://rubygems.org/
  specs:
    io-console (0.7.2)

PLATFORMS
  arm64-darwin-23
  ruby

DEPENDENCIES
  io-console

BUNDLED WITH
   2.5.16
